PATH
  remote: .
  specs:
    resque-multi-job-forks (0.5.0)
      json
      resque (>= 1.27.0, < 2.1)

GEM
  remote: http://rubygems.org/
  specs:
    json (2.1.0)
    mono_logger (1.1.0)
    multi_json (1.13.1)
    mustermann (1.0.3)
    power_assert (1.1.1)
    rack (2.0.6)
    rack-protection (2.0.5)
      rack
    rake (12.3.2)
    redis (4.1.0)
    redis-namespace (1.6.0)
      redis (>= 3.0.4)
    resque (2.0.0)
      mono_logger (~> 1.0)
      multi_json (~> 1.0)
      redis-namespace (~> 1.6)
      sinatra (>= 0.9.2)
      vegas (~> 0.1.2)
    sinatra (2.0.5)
      mustermann (~> 1.0)
      rack (~> 2.0)
      rack-protection (= 2.0.5)
      tilt (~> 2.0)
    test-unit (3.2.7)
      power_assert
    tilt (2.0.9)
    vegas (0.1.11)
      rack (>= 1.0.0)

PLATFORMS
  ruby

DEPENDENCIES
  bundler
  rake
  resque-multi-job-forks!
  test-unit

BUNDLED WITH
   2.0.1
